PATH
  remote: .
  specs:
    recipe (0.1.0)
      nokogiri (~> 1.6)

GEM
  remote: https://rubygems.org/
  specs:
    coderay (1.1.2)
    method_source (0.8.2)
    mini_portile2 (2.3.0)
    nokogiri (1.8.4-x64-mingw32)
      mini_portile2 (~> 2.3.0)
    pry (0.11.0)
      coderay (~> 1.1.0)
      method_source (~> 0.8.1)
    rake (10.5.0)

PLATFORMS
  x64-mingw32

DEPENDENCIES
  bundler (~> 1.16)
  pry (= 0.11)
  rake (~> 10.0)
  recipe!

BUNDLED WITH
   1.16.1
